PATH
  remote: .
  specs:
    jh_palindrome (0.1.1)

GEM
  remote: https://rubygems.org/
  specs:
    ansi (1.5.0)
    builder (3.2.4)
    minitest (5.22.2)
    minitest-reporters (1.6.1)
      ansi
      builder
      minitest (>= 5.0)
      ruby-progressbar
    rake (13.1.0)
    ruby-progressbar (1.13.0)

PLATFORMS
  ruby
  x86_64-darwin-22

DEPENDENCIES
  jh_palindrome!
  minitest (~> 5.16)
  minitest-reporters (~> 1.6)
  rake (~> 13.0)

BUNDLED WITH
   2.5.6
